GEM
  specs:
    faraday (0.8.7)
      multipart-post (~> 1.1)
    faraday_middleware (0.9.1)
      faraday (>= 0.7.4, < 0.10)
    hashie (2.1.2)
    kickscraper (0.2.2)
      faraday (>= 0.7, < 0.9)
      faraday_middleware (~> 0.8)
      hashie (~> 2)
      multi_json (~> 1.0, >= 1.0.3)
      uri-query_params
    multi_json (1.11.0)
    multipart-post (1.2.0)
    uri-query_params (0.7.1)

PLATFORMS
  ruby

DEPENDENCIES
  kickscraper
